GEM
  remote: https://rubygems.org/
  specs:
    atk (3.2.1)
      glib2 (= 3.2.1)
    cairo (1.15.12)
      native-package-installer (>= 1.0.3)
      pkg-config (>= 1.2.2)
    cairo-gobject (3.2.1)
      cairo
      glib2 (= 3.2.1)
    diff-lcs (1.3)
    gdk_pixbuf2 (3.2.1)
      gio2 (= 3.2.1)
    gio2 (3.2.1)
      glib2 (= 3.2.1)
      gobject-introspection (= 3.2.1)
    glib2 (3.2.1)
      native-package-installer (>= 1.0.3)
      pkg-config (>= 1.2.2)
    gobject-introspection (3.2.1)
      glib2 (= 3.2.1)
    green_shoes (1.1.374)
      gtk2
    gtk2 (3.2.1)
      atk (= 3.2.1)
      gdk_pixbuf2 (= 3.2.1)
      pango (= 3.2.1)
    native-package-installer (1.0.6)
    pango (3.2.1)
      cairo (>= 1.14.0)
      cairo-gobject (= 3.2.1)
      gobject-introspection (= 3.2.1)
    pkg-config (1.2.9)
    rake (12.3.0)
    rspec (3.7.0)
      rspec-core (~> 3.7.0)
      rspec-expectations (~> 3.7.0)
      rspec-mocks (~> 3.7.0)
    rspec-core (3.7.1)
      rspec-support (~> 3.7.0)
    rspec-expectations (3.7.0)
      diff-lcs (>= 1.2.0, < 2.0)
      rspec-support (~> 3.7.0)
    rspec-mocks (3.7.0)
      diff-lcs (>= 1.2.0, < 2.0)
      rspec-support (~> 3.7.0)
    rspec-support (3.7.1)

PLATFORMS
  ruby

DEPENDENCIES
  green_shoes
  rake
  rspec

BUNDLED WITH
   1.15.4
